PATH
  remote: .
  specs:
    ops_tasks (0.4.3)
      aws-sdk (~> 1)
      dotenv (< 3)
      figaro (~> 1)
      highline (~> 1)
      say2slack (~> 0)
      shorturl (~> 1)

GEM
  remote: https://rubygems.org/
  specs:
    aws-sdk (1.67.0)
      aws-sdk-v1 (= 1.67.0)
    aws-sdk-v1 (1.67.0)
      json (~> 1.4)
      nokogiri (~> 1)
    domain_name (0.5.20170404)
      unf (>= 0.0.5, < 1.0.0)
    dotenv (2.2.1)
    figaro (1.1.1)
      thor (~> 0.14)
    highline (1.7.10)
    http-cookie (1.0.3)
      domain_name (~> 0.5)
    json (1.8.6)
    mime-types (2.99.3)
    mini_portile2 (2.3.0)
    netrc (0.11.0)
    nokogiri (1.8.2)
      mini_portile2 (~> 2.3.0)
    rest-client (1.8.0)
      http-cookie (>= 1.0.2, < 2.0)
      mime-types (>= 1.16, < 3.0)
      netrc (~> 0.7)
    say2slack (0.0.6)
      rest-client (~> 1.8)
    shorturl (1.0.0)
    thor (0.20.0)
    unf (0.1.4)
      unf_ext
    unf_ext (0.0.7.5)

PLATFORMS
  ruby

DEPENDENCIES
  ops_tasks!

BUNDLED WITH
   1.10.4
